GEM
  specs:

GEM
  remote: https://rubygems.org/
  specs:
    coderay (1.1.2)
    ethon (0.12.0)
      ffi (>= 1.3.0)
    ffi (1.11.1)
    kramdown (2.1.0)
    method_source (0.9.2)
    mini_portile2 (2.8.4)
    nokogiri (1.15.4)
      mini_portile2 (~> 2.8.2)
      racc (~> 1.4)
    power_assert (1.1.5)
    pry (0.12.2)
      coderay (~> 1.1.0)
      method_source (~> 0.9.0)
    racc (1.7.1)
    test-unit (3.3.3)
      power_assert
    typhoeus (1.3.1)
      ethon (>= 0.9.0)

PLATFORMS
  ruby

DEPENDENCIES
  kramdown!
  nokogiri!
  pry!
  test-unit!
  typhoeus!

BUNDLED WITH
   2.0.2
